{
    "AcquisitionNumber": 1,
    "AcquisitionTime": "17:40:52.862500",
    "BandwidthPerPixelPhaseEncode": 14.881,
    "BodyPartExamined": "BRAIN",
    "ConversionSoftware": "dcm2niix",
    "ConversionSoftwareVersion": "v1.0.20170724 GCC4.4.7",
    "DeviceSerialNumber": "66018",
    "EchoTime": 0.066,
    "EchoTrainLength": 84,
    "EffectiveEchoSpacing": 0.000699998,
    "FlipAngle": 90,
    "ImageType": [
        "ORIGINAL",
        "PRIMARY",
        "M",
        "ND",
        "MOSAIC"
    ],
    "InstitutionAddress": "Stadium_1952_Princeton_NJ_US_08544",
    "InstitutionName": "Princeton_University",
    "MagneticFieldStrength": 3,
    "Manufacturer": "Siemens",
    "ManufacturersModelName": "Prisma",
    "PhaseEncodingDirection": "j",
    "PhaseEncodingLines": 96,
    "ProcedureStepDescription": "Norman_Baldassano_10442_vrpalace",
    "ProtocolName": "fmap_ses-01_dir-PA",
    "RepetitionTime": 8,
    "ScanningSequence": "EP",
    "SequenceName": "epse2d1_96",
    "SequenceVariant": "SK",
    "SeriesDescription": "fmap_ses-01_dir-PA",
    "SliceTiming": [
        3.99,
        0,
        4.1225,
        0.135,
        4.2575,
        0.2675,
        4.39,
        0.4,
        4.5225,
        0.5325,
        4.655,
        0.665,
        4.7875,
        0.8,
        4.9225,
        0.9325,
        5.055,
        1.065,
        5.1875,
        1.1975,
        5.32,
        1.33,
        5.4525,
        1.465,
        5.5875,
        1.5975,
        5.72,
        1.73,
        5.8525,
        1.8625,
        5.985,
        1.995,
        6.1175,
        2.13,
        6.2525,
        2.2625,
        6.385,
        2.395,
        6.5175,
        2.5275,
        6.65,
        2.66,
        6.7825,
        2.795,
        6.9175,
        2.9275,
        7.05,
        3.06,
        7.1825,
        3.1925,
        7.315,
        3.325,
        7.4475,
        3.46,
        7.5825,
        3.5925,
        7.715,
        3.725,
        7.8475,
        3.8575
    ],
    "SoftwareVersions": "syngo_MR_E11",
    "TotalReadoutTime": 0.0580998,
    "IntendedFor": [
        "ses-01/func/sub-sid10_ses-01_task-pathvideo_bold.nii.gz",
        "ses-01/func/sub-sid10_ses-01_task-roomvideo_run-01_bold.nii.gz",
        "ses-01/func/sub-sid10_ses-01_task-roomvideo_run-02_bold.nii.gz"
    ]
}