{
    "AcquisitionNumber": 1,
    "AcquisitionTime": "13:36:23.647500",
    "BandwidthPerPixelPhaseEncode": 14.881,
    "BodyPartExamined": "BRAIN",
    "ConversionSoftware": "dcm2niix",
    "ConversionSoftwareVersion": "v1.0.20170724 GCC4.4.7",
    "DeviceSerialNumber": "66018",
    "EchoTime": 0.066,
    "EchoTrainLength": 84,
    "EffectiveEchoSpacing": 0.000699998,
    "FlipAngle": 90,
    "ImageType": [
        "ORIGINAL",
        "PRIMARY",
        "M",
        "ND",
        "MOSAIC"
    ],
    "InstitutionAddress": "Stadium_1952_Princeton_NJ_US_08544",
    "InstitutionName": "Princeton_University",
    "MagneticFieldStrength": 3,
    "Manufacturer": "Siemens",
    "ManufacturersModelName": "Prisma",
    "PhaseEncodingDirection": "j",
    "PhaseEncodingLines": 96,
    "ProcedureStepDescription": "Norman_Baldassano_10442_vrpalace",
    "ProtocolName": "fmap_ses-01_dir-PA",
    "RepetitionTime": 8,
    "ScanningSequence": "EP",
    "SequenceName": "epse2d1_96",
    "SequenceVariant": "SK",
    "SeriesDescription": "fmap_ses-01_dir-PA",
    "SliceTiming": [
        3.99,
        0,
        4.1225,
        0.1325,
        4.255,
        0.265,
        4.3875,
        0.3975,
        4.5225,
        0.5325,
        4.655,
        0.665,
        4.7875,
        0.7975,
        4.92,
        0.93,
        5.0525,
        1.0625,
        5.1875,
        1.1975,
        5.32,
        1.33,
        5.4525,
        1.4625,
        5.585,
        1.595,
        5.7175,
        1.7275,
        5.85,
        1.8625,
        5.985,
        1.995,
        6.1175,
        2.1275,
        6.25,
        2.26,
        6.3825,
        2.3925,
        6.515,
        2.5275,
        6.65,
        2.66,
        6.7825,
        2.7925,
        6.915,
        2.925,
        7.0475,
        3.0575,
        7.18,
        3.1925,
        7.315,
        3.325,
        7.4475,
        3.4575,
        7.58,
        3.59,
        7.7125,
        3.7225,
        7.845,
        3.8575
    ],
    "SoftwareVersions": "syngo_MR_E11",
    "TotalReadoutTime": 0.0580998,
    "IntendedFor": [
        "ses-01/func/sub-sid05_ses-01_task-pathvideo_bold.nii.gz",
        "ses-01/func/sub-sid05_ses-01_task-roomvideo_run-01_bold.nii.gz",
        "ses-01/func/sub-sid05_ses-01_task-roomvideo_run-02_bold.nii.gz"
    ]
}