{
	"Manufacturer": "Siemens",
	"ManufacturersModelName": "Prisma",
	"RawImage": false,
	"AcquisitionNumber": 1,
	"InstitutionName": "Princeton_University",
	"InstitutionAddress": "Stadium_1952_Princeton_NJ_US_08544",
	"DeviceSerialNumber": "66018",
	"SoftwareVersions": "syngo_MR_E11",
	"ProcedureStepDescription": "Norman_Baldassano_10442_vrpalace",
	"ScanningSequence": "GR_IR",
	"SequenceVariant": "SK_SP_MP",
	"SeriesDescription": "anat_ses-01_T1w_UNI_Images",
	"BodyPartExamined": "BRAIN",
	"ProtocolName": "anat_ses-01_T1w",
	"SequenceName": "_tfl3d1_16ns",
	"ImageType": ["DERIVED", "PRIMARY", "M", "ND", "UNI"],
	"AcquisitionTime": "15:35:9.985000",
	"MagneticFieldStrength": 3,
	"EchoTime": 0.00298,
	"RepetitionTime": 5,
	"PhaseEncodingLines": 240,
	"AccelFactPE": 3,
	"PhaseEncodingDirection": "i-",
	"ConversionSoftware": "dcm2niix",
	"ConversionSoftwareVersion": "v1.0.20170724 GCC4.4.7"
}
