{
  "AccelFactPE": 3,
  "AcquisitionNumber": 1,
  "AcquisitionTime": "17:25:44.005000",
  "BodyPartExamined": "BRAIN",
  "ConversionSoftware": "dcm2niix",
  "ConversionSoftwareVersion": "v1.0.20170724 GCC4.4.7",
  "DeviceSerialNumber": "66018",
  "EchoTime": 0.00298,
  "ImageType": [
    "DERIVED",
    "PRIMARY",
    "M",
    "ND",
    "UNI"
  ],
  "InstitutionAddress": "Stadium_1952_Princeton_NJ_US_08544",
  "InstitutionName": "Princeton_University",
  "MagneticFieldStrength": 3,
  "Manufacturer": "Siemens",
  "ManufacturersModelName": "Prisma",
  "PhaseEncodingDirection": "i-",
  "PhaseEncodingLines": 240,
  "ProcedureStepDescription": "Norman_Baldassano_10442_vrpalace",
  "ProtocolName": "anat_ses-01_T1w",
  "RawImage": false,
  "RepetitionTime": 5,
  "ScanningSequence": "GR_IR",
  "SequenceName": "_tfl3d1_16ns",
  "SequenceVariant": "SK_SP_MP",
  "SeriesDescription": "anat_ses-01_T1w_UNI_Images",
  "SoftwareVersions": "syngo_MR_E11"
}